PATH
  remote: .
  specs:
    motivation (0.0.1)
      activesupport
      bubble-wrap
      konjure
      motion_support

GEM
  remote: http://rubygems.org/
  specs:
    activesupport (3.2.8)
      i18n (~> 0.6)
      multi_json (~> 1.0)
    bubble-wrap (1.1.3)
    diff-lcs (1.1.3)
    i18n (0.6.1)
    konjure (0.0.3)
      motion-objc-runtime
    motion-objc-runtime (0.0.4)
    motion_support (0.0.6)
      bubble-wrap
    multi_json (1.3.6)
    rr (1.0.4)
    rspec (2.11.0)
      rspec-core (~> 2.11.0)
      rspec-expectations (~> 2.11.0)
      rspec-mocks (~> 2.11.0)
    rspec-core (2.11.1)
    rspec-expectations (2.11.2)
      diff-lcs (~> 1.1.3)
    rspec-mocks (2.11.2)

PLATFORMS
  ruby

DEPENDENCIES
  motivation!
  rr
  rspec
