PATH
  remote: .
  specs:
    motivation (0.0.1)
      activesupport
      bubble-wrap
      coalesce
      konjure
      motion_support

PATH
  remote: /Users/kibiyama/git/coalesce
  specs:
    coalesce (0.0.1)

GEM
  remote: http://rubygems.org/
  specs:
    activesupport (3.2.8)
      i18n (~> 0.6)
      multi_json (~> 1.0)
    bubble-wrap (1.1.3)
    builder (3.0.0)
    cucumber (1.2.1)
      builder (>= 2.1.2)
      diff-lcs (>= 1.1.3)
      gherkin (~> 2.11.0)
      json (>= 1.4.6)
    diff-lcs (1.1.3)
    dnssd (2.0)
    frank-cucumber (0.9.4)
      cucumber
      dnssd
      i18n
      json
      plist
      rspec (>= 2.0)
      sim_launcher (= 0.3.8)
      thor
    gherkin (2.11.2)
      json (>= 1.4.6)
    i18n (0.6.1)
    json (1.7.5)
    konjure (0.0.3)
      motion-objc-runtime
    motion-objc-runtime (0.0.4)
    motion_support (0.0.6)
      bubble-wrap
    multi_json (1.3.6)
    plist (3.1.0)
    rack (1.4.1)
    rack-protection (1.2.0)
      rack
    rr (1.0.4)
    rspec (2.11.0)
      rspec-core (~> 2.11.0)
      rspec-expectations (~> 2.11.0)
      rspec-mocks (~> 2.11.0)
    rspec-core (2.11.1)
    rspec-expectations (2.11.2)
      diff-lcs (~> 1.1.3)
    rspec-mocks (2.11.2)
    sim_launcher (0.3.8)
      sinatra
    sinatra (1.3.3)
      rack (~> 1.3, >= 1.3.6)
      rack-protection (~> 1.2)
      tilt (~> 1.3, >= 1.3.3)
    thor (0.16.0)
    tilt (1.3.3)

PLATFORMS
  ruby

DEPENDENCIES
  coalesce!
  frank-cucumber
  motivation!
  rr
  rspec
