GIT
  remote: git://github.com/kibiz0r/coalesce.git
  revision: 627352e855e692a60662adfa636f1abd6441093e
  specs:
    coalesce (0.0.1)

PATH
  remote: .
  specs:
    motivation (0.0.1)
      activesupport
      bubble-wrap
      coalesce
      motion-support (~> 0.2.6)

GEM
  remote: http://rubygems.org/
  specs:
    activesupport (3.2.17)
      i18n (~> 0.6, >= 0.6.4)
      multi_json (~> 1.0)
    bubble-wrap (1.5.0)
    coderay (1.1.0)
    diff-lcs (1.2.5)
    i18n (0.6.9)
    method_source (0.8.2)
    motion-require (0.2.0)
    motion-support (0.2.6)
      motion-require (>= 0.0.6)
    multi_json (1.8.4)
    pry (0.9.12.6)
      coderay (~> 1.0)
      method_source (~> 0.8)
      slop (~> 3.4)
    rake (10.1.1)
    rr (1.1.2)
    rspec (2.14.1)
      rspec-core (~> 2.14.0)
      rspec-expectations (~> 2.14.0)
      rspec-mocks (~> 2.14.0)
    rspec-core (2.14.7)
    rspec-expectations (2.14.5)
      diff-lcs (>= 1.1.3, < 2.0)
    rspec-mocks (2.14.5)
    slop (3.5.0)

PLATFORMS
  ruby

DEPENDENCIES
  coalesce!
  motivation!
  pry
  rake
  rr
  rspec
